GIT
  remote: git://github.com/ruhoh/ruhoh.rb.git
  revision: aa0146783464ab0f91d5221ef844402582f77f8c
  specs:
    ruhoh (1.0.0.alpha)
      directory_watcher (~> 1.4)
      mustache (~> 0.99)
      nokogiri (~> 1.5)
      psych (~> 1.3)
      rack (~> 1.4)
      redcarpet (~> 2.1)

GEM
  remote: http://rubygems.org/
  specs:
    chunky_png (1.2.5)
    compass (0.12.2)
      chunky_png (~> 1.2)
      fssm (>= 0.2.7)
      sass (~> 3.1)
    daemons (1.1.8)
    directory_watcher (1.4.1)
    eventmachine (0.12.10)
    fssm (0.2.9)
    mini_portile2 (2.5.1)
    mustache (0.99.4)
    nokogiri (1.11.5)
      mini_portile2 (~> 2.5.0)
      racc (~> 1.4)
    psych (1.3.3)
    racc (1.5.2)
    rack (1.4.1)
    redcarpet (2.1.1)
    sass (3.1.20)
    thin (1.4.1)
      daemons (>= 1.0.9)
      eventmachine (>= 0.12.6)
      rack (>= 1.0.0)

PLATFORMS
  ruby

DEPENDENCIES
  compass
  ruhoh!
  thin
